GEM
  remote: https://rubygems.org/
  specs:
    coderay (1.1.2)
    method_source (0.9.0)
    pry (0.11.3)
      coderay (~> 1.1.0)
      method_source (~> 0.9.0)
    puma (3.11.4)

PLATFORMS
  ruby

DEPENDENCIES
  pry
  puma

BUNDLED WITH
   1.16.0
